PATH
  remote: .
  specs:
    newsAPI (0.1.0)
      faraday (~> 2.7.10)
      webmock (~> 3.18)

GEM
  remote: https://rubygems.org/
  specs:
    addressable (2.8.5)
      public_suffix (>= 2.0.2, < 6.0)
    crack (0.4.5)
      rexml
    faraday (2.7.10)
      faraday-net_http (>= 2.0, < 3.1)
      ruby2_keywords (>= 0.0.4)
    faraday-net_http (3.0.2)
    hashdiff (1.0.1)
    public_suffix (5.0.3)
    rake (12.3.3)
    rexml (3.2.6)
    ruby2_keywords (0.0.5)
    webmock (3.19.1)
      addressable (>= 2.8.0)
      crack (>= 0.3.2)
      hashdiff (>= 0.4.0, < 2.0.0)

PLATFORMS
  ruby

DEPENDENCIES
  newsAPI!
  rake (~> 12.0)

BUNDLED WITH
   2.1.4
