PATH
  remote: .
  specs:
    newsAPI (0.1.0)
      faraday (~> 2.7.10)

GEM
  remote: https://rubygems.org/
  specs:
    faraday (2.7.10)
      faraday-net_http (>= 2.0, < 3.1)
      ruby2_keywords (>= 0.0.4)
    faraday-net_http (3.0.2)
    rake (12.3.3)
    ruby2_keywords (0.0.5)

PLATFORMS
  ruby

DEPENDENCIES
  newsAPI!
  rake (~> 12.0)

BUNDLED WITH
   2.1.4
